GEM
  remote: https://rubygems.org/
  specs:
    minitest (5.9.0)
    rake (11.2.2)
    thor (0.19.1)

PLATFORMS
  ruby

DEPENDENCIES
  minitest
  rake
  thor

BUNDLED WITH
   1.11.2
